PATH
  remote: .
  specs:
    acts_as_markup (2.0.1)
      activerecord (>= 3.0.20)
      activesupport (>= 3.0.20)
      rdiscount

GEM
  remote: http://rubygems.org/
  specs:
    RedCloth (4.3.2)
    activemodel (4.0.2)
      activesupport (= 4.0.2)
      builder (~> 3.1.0)
    activerecord (4.0.2)
      activemodel (= 4.0.2)
      activerecord-deprecated_finders (~> 1.0.2)
      activesupport (= 4.0.2)
      arel (~> 4.0.0)
    activerecord-deprecated_finders (1.0.3)
    activesupport (4.0.2)
      i18n (~> 0.6, >= 0.6.4)
      minitest (~> 4.2)
      multi_json (~> 1.3)
      thread_safe (~> 0.1)
      tzinfo (~> 0.3.37)
    appraisal (1.0.2)
      bundler
      rake
      thor (>= 0.14.0)
    arel (4.0.2)
    atomic (1.1.16)
    bluecloth (2.2.0)
    brianjlandau-sdoc-helpers (0.1.5)
    builder (3.1.4)
    i18n (0.6.11)
    json (1.8.1)
    maruku (0.6.0)
      syntax (>= 1.0.0)
    minitest (4.7.5)
    multi_json (1.10.1)
    rake (10.3.2)
    rdiscount (2.1.7.1)
    rdoc (4.1.1)
      json (~> 1.4)
    redcarpet (3.1.2)
    rpeg-markdown (1.4.6)
    sdoc (0.4.1)
      json (~> 1.7, >= 1.7.7)
      rdoc (~> 4.0)
    shoulda (3.5.0)
      shoulda-context (~> 1.0, >= 1.0.1)
      shoulda-matchers (>= 1.4.1, < 3.0)
    shoulda-context (1.2.1)
    shoulda-matchers (2.7.0)
      activesupport (>= 3.0.0)
    sqlite3 (1.3.9)
    syntax (1.0.0)
    thor (0.19.1)
    thread_safe (0.3.1)
      atomic (>= 1.1.7, < 2)
    tzinfo (0.3.41)

PLATFORMS
  ruby

DEPENDENCIES
  RedCloth
  acts_as_markup!
  appraisal
  bluecloth
  brianjlandau-sdoc-helpers
  maruku
  rdoc (~> 4.0)
  redcarpet
  rpeg-markdown
  sdoc
  shoulda
  sqlite3
